GEM
  remote: https://rubygems.org/
  specs:
    exifr (1.2.3.1)
    minitest (5.8.1)

PLATFORMS
  ruby

DEPENDENCIES
  exifr
  minitest

BUNDLED WITH
   1.10.6
